GIT
  remote: git@github.com:eventmachine/eventmachine.git
  revision: e7320417cf291cc6a69471a64ecae5ddb5367715
  specs:
    eventmachine (1.3.0.dev.1)

GIT
  remote: git@github.com:ffi/ffi.git
  revision: c128cede750242fe19945af8bd6c797728489ad5
  specs:
    ffi (1.17.0)

GIT
  remote: git@github.com:tmm1/http_parser.rb.git
  revision: 71ecce2a498f87ba83ea3d77322a001132610a6e
  specs:
    http_parser.rb (0.8.0)

GEM
  remote: https://rubygems.org/
  specs:
    addressable (2.8.7)
      public_suffix (>= 2.0.2, < 7.0)
    colorator (1.1.0)
    concurrent-ruby (1.3.4)
    em-websocket (0.5.3)
      eventmachine (>= 0.12.9)
      http_parser.rb (~> 0)
    forwardable-extended (2.6.0)
    i18n (1.14.6)
      concurrent-ruby (~> 1.0)
    jekyll (3.9.5)
      addressable (~> 2.4)
      colorator (~> 1.0)
      em-websocket (~> 0.5)
      i18n (>= 0.7, < 2)
      jekyll-sass-converter (~> 1.0)
      jekyll-watch (~> 2.0)
      kramdown (>= 1.17, < 3)
      liquid (~> 4.0)
      mercenary (~> 0.3.3)
      pathutil (~> 0.9)
      rouge (>= 1.7, < 4)
      safe_yaml (~> 1.0)
    jekyll-feed (0.15.1)
      jekyll (>= 3.7, < 5.0)
    jekyll-sass-converter (1.5.2)
      sass (~> 3.4)
    jekyll-seo-tag (2.7.1)
      jekyll (>= 3.8, < 5.0)
    jekyll-watch (2.2.1)
      listen (~> 3.0)
    kramdown (2.5.1)
      rexml (>= 3.3.9)
    kramdown-parser-gfm (1.1.0)
      kramdown (~> 2.0)
    liquid (4.0.4)
    listen (3.9.0)
      rb-fsevent (~> 0.10, >= 0.10.3)
      rb-inotify (~> 0.9, >= 0.9.10)
    mercenary (0.3.6)
    no-style-please (0.4.7)
      jekyll (~> 3.9.0)
      jekyll-feed (~> 0.15.1)
      jekyll-seo-tag (~> 2.7.1)
    pathutil (0.16.2)
      forwardable-extended (~> 2.6)
    public_suffix (6.0.1)
    rb-fsevent (0.11.2)
    rb-inotify (0.11.1)
      ffi (~> 1.0)
    rexml (3.3.9)
    rouge (3.30.0)
    safe_yaml (1.0.5)
    sass (3.7.4)
      sass-listen (~> 4.0.0)
    sass-listen (4.0.0)
      rb-fsevent (~> 0.9, >= 0.9.4)
      rb-inotify (~> 0.9, >= 0.9.7)
    webrick (1.9.1)

PLATFORMS
  ruby
  x86_64-linux

DEPENDENCIES
  eventmachine!
  ffi!
  http_parser.rb!
  jekyll (~> 3.9.0)
  jekyll-feed (~> 0.6)
  kramdown-parser-gfm
  no-style-please
  tzinfo (~> 1.2)
  tzinfo-data
  wdm (~> 0.1.0)
  webrick

BUNDLED WITH
   2.5.23
